GEM
  remote: https://rubygems.org/
  specs:
    actioncable (5.2.7.1)
      actionpack (= 5.2.7.1)
      nio4r (~> 2.0)
      websocket-driver (>= 0.6.1)
    actionmailer (5.2.7.1)
      actionpack (= 5.2.7.1)
      actionview (= 5.2.7.1)
      activejob (= 5.2.7.1)
      mail (~> 2.5, >= 2.5.4)
      rails-dom-testing (~> 2.0)
    actionpack (5.2.7.1)
      actionview (= 5.2.7.1)
      activesupport (= 5.2.7.1)
      rack (~> 2.0, >= 2.0.8)
      rack-test (>= 0.6.3)
      rails-dom-testing (~> 2.0)
      rails-html-sanitizer (~> 1.0, >= 1.0.2)
    actionview (5.2.7.1)
      activesupport (= 5.2.7.1)
      builder (~> 3.1)
      erubi (~> 1.4)
      rails-dom-testing (~> 2.0)
      rails-html-sanitizer (~> 1.0, >= 1.0.3)
    activejob (5.2.7.1)
      activesupport (= 5.2.7.1)
      globalid (>= 0.3.6)
    activemodel (5.2.7.1)
      activesupport (= 5.2.7.1)
    activerecord (5.2.7.1)
      activemodel (= 5.2.7.1)
      activesupport (= 5.2.7.1)
      arel (>= 9.0)
    activestorage (5.2.7.1)
      actionpack (= 5.2.7.1)
      activerecord (= 5.2.7.1)
      marcel (~> 1.0.0)
    activesupport (5.2.7.1)
      concurrent-ruby (~> 1.0, >= 1.0.2)
      i18n (>= 0.7, < 2)
      minitest (~> 5.1)
      tzinfo (~> 1.1)
    amq-protocol (2.3.2)
    arel (9.0.0)
    bootsnap (1.11.1)
      msgpack (~> 1.2)
    builder (3.2.4)
    bunny (2.19.0)
      amq-protocol (~> 2.3, >= 2.3.1)
      sorted_set (~> 1, >= 1.0.2)
    byebug (11.1.3)
    chronic (0.10.2)
    concurrent-ruby (1.1.10)
    crass (1.0.6)
    database_cleaner (2.0.1)
      database_cleaner-active_record (~> 2.0.0)
    database_cleaner-active_record (2.0.1)
      activerecord (>= 5.a)
      database_cleaner-core (~> 2.0.0)
    database_cleaner-core (2.0.1)
    diff-lcs (1.5.0)
    elasticsearch (7.13.3)
      elasticsearch-api (= 7.13.3)
      elasticsearch-transport (= 7.13.3)
    elasticsearch-api (7.13.3)
      multi_json
    elasticsearch-model (7.2.1)
      activesupport (> 3)
      elasticsearch (~> 7)
      hashie
    elasticsearch-rails (7.2.1)
    elasticsearch-transport (7.13.3)
      faraday (~> 1)
      multi_json
    erubi (1.10.0)
    factory_bot (4.11.1)
      activesupport (>= 3.0.0)
    factory_bot_rails (4.11.1)
      factory_bot (~> 4.11.1)
      railties (>= 3.0.0)
    faker (2.20.0)
      i18n (>= 1.8.11, < 2)
    faraday (1.10.0)
      faraday-em_http (~> 1.0)
      faraday-em_synchrony (~> 1.0)
      faraday-excon (~> 1.1)
      faraday-httpclient (~> 1.0)
      faraday-multipart (~> 1.0)
      faraday-net_http (~> 1.0)
      faraday-net_http_persistent (~> 1.0)
      faraday-patron (~> 1.0)
      faraday-rack (~> 1.0)
      faraday-retry (~> 1.0)
      ruby2_keywords (>= 0.0.4)
    faraday-em_http (1.0.0)
    faraday-em_synchrony (1.0.0)
    faraday-excon (1.1.0)
    faraday-httpclient (1.0.1)
    faraday-multipart (1.0.3)
      multipart-post (>= 1.2, < 3)
    faraday-net_http (1.0.1)
    faraday-net_http_persistent (1.2.0)
    faraday-patron (1.0.0)
    faraday-rack (1.0.0)
    faraday-retry (1.0.3)
    ffi (1.15.5)
    globalid (1.0.0)
      activesupport (>= 5.0)
    hashie (5.0.0)
    i18n (1.10.0)
      concurrent-ruby (~> 1.0)
    listen (3.1.5)
      rb-fsevent (~> 0.9, >= 0.9.4)
      rb-inotify (~> 0.9, >= 0.9.7)
      ruby_dep (~> 1.2)
    loofah (2.17.0)
      crass (~> 1.0.2)
      nokogiri (>= 1.5.9)
    mail (2.7.1)
      mini_mime (>= 0.1.1)
    marcel (1.0.2)
    method_source (1.0.0)
    mini_mime (1.1.2)
    mini_portile2 (2.8.0)
    minitest (5.15.0)
    msgpack (1.5.1)
    multi_json (1.15.0)
    multipart-post (2.1.1)
    mysql2 (0.5.4)
    nio4r (2.5.8)
    nokogiri (1.13.4)
      mini_portile2 (~> 2.8.0)
      racc (~> 1.4)
    puma (3.12.6)
    racc (1.6.0)
    rack (2.2.3)
    rack-test (1.1.0)
      rack (>= 1.0, < 3)
    rails (5.2.7.1)
      actioncable (= 5.2.7.1)
      actionmailer (= 5.2.7.1)
      actionpack (= 5.2.7.1)
      actionview (= 5.2.7.1)
      activejob (= 5.2.7.1)
      activemodel (= 5.2.7.1)
      activerecord (= 5.2.7.1)
      activestorage (= 5.2.7.1)
      activesupport (= 5.2.7.1)
      bundler (>= 1.3.0)
      railties (= 5.2.7.1)
      sprockets-rails (>= 2.0.0)
    rails-dom-testing (2.0.3)
      activesupport (>= 4.2.0)
      nokogiri (>= 1.6)
    rails-html-sanitizer (1.4.2)
      loofah (~> 2.3)
    railties (5.2.7.1)
      actionpack (= 5.2.7.1)
      activesupport (= 5.2.7.1)
      method_source
      rake (>= 0.8.7)
      thor (>= 0.19.0, < 2.0)
    rake (12.3.3)
    rb-fsevent (0.11.1)
    rb-inotify (0.10.1)
      ffi (~> 1.0)
    rbtree (0.4.5)
    redis (4.6.0)
    redis-actionpack (5.3.0)
      actionpack (>= 5, < 8)
      redis-rack (>= 2.1.0, < 3)
      redis-store (>= 1.1.0, < 2)
    redis-activesupport (5.3.0)
      activesupport (>= 3, < 8)
      redis-store (>= 1.3, < 2)
    redis-namespace (1.8.2)
      redis (>= 3.0.4)
    redis-rack (2.1.4)
      rack (>= 2.0.8, < 3)
      redis-store (>= 1.2, < 2)
    redis-rails (5.0.2)
      redis-actionpack (>= 5.0, < 6)
      redis-activesupport (>= 5.0, < 6)
      redis-store (>= 1.2, < 2)
    redis-store (1.9.1)
      redis (>= 4, < 5)
    rspec-core (3.9.3)
      rspec-support (~> 3.9.3)
    rspec-expectations (3.9.4)
      diff-lcs (>= 1.2.0, < 2.0)
      rspec-support (~> 3.9.0)
    rspec-mocks (3.9.1)
      diff-lcs (>= 1.2.0, < 2.0)
      rspec-support (~> 3.9.0)
    rspec-rails (3.9.1)
      actionpack (>= 3.0)
      activesupport (>= 3.0)
      railties (>= 3.0)
      rspec-core (~> 3.9.0)
      rspec-expectations (~> 3.9.0)
      rspec-mocks (~> 3.9.0)
      rspec-support (~> 3.9.0)
    rspec-support (3.9.4)
    ruby2_keywords (0.0.5)
    ruby_dep (1.5.0)
    serverengine (2.1.1)
      sigdump (~> 0.2.2)
    set (1.0.2)
    shoulda-matchers (3.1.3)
      activesupport (>= 4.0.0)
    sigdump (0.2.4)
    sneakers (2.12.0)
      bunny (~> 2.14)
      concurrent-ruby (~> 1.0)
      rake (~> 12.3)
      serverengine (~> 2.1.0)
      thor
    sorted_set (1.0.3)
      rbtree
      set (~> 1.0)
    spring (2.1.1)
    spring-watcher-listen (2.0.1)
      listen (>= 2.7, < 4.0)
      spring (>= 1.2, < 3.0)
    sprockets (4.0.3)
      concurrent-ruby (~> 1.0)
      rack (> 1, < 3)
    sprockets-rails (3.4.2)
      actionpack (>= 5.2)
      activesupport (>= 5.2)
      sprockets (>= 3.0.0)
    thor (1.2.1)
    thread (0.2.2)
    thread_safe (0.3.6)
    tzinfo (1.2.9)
      thread_safe (~> 0.1)
    websocket-driver (0.7.5)
      websocket-extensions (>= 0.1.0)
    websocket-extensions (0.1.5)
    whenever (1.0.0)
      chronic (>= 0.6.3)

PLATFORMS
  ruby

DEPENDENCIES
  bootsnap (>= 1.1.0)
  bunny
  byebug
  database_cleaner
  elasticsearch (< 7.14)
  elasticsearch-model
  elasticsearch-rails
  factory_bot_rails (~> 4.0)
  faker
  listen (>= 3.0.5, < 3.2)
  mysql2
  puma (~> 3.11)
  rails (~> 5.2.7)
  redis-namespace
  redis-rails
  rspec-rails (~> 3.5)
  shoulda-matchers (~> 3.1)
  sneakers
  spring
  spring-watcher-listen (~> 2.0.0)
  thread
  tzinfo-data
  whenever

RUBY VERSION
   ruby 2.7.4p191

BUNDLED WITH
   2.1.4
